GEM
  remote: https://rubygems.org/
  specs:
    benchmark-memory (0.1.2)
      memory_profiler (~> 0.9)
    memory_profiler (0.9.14)
    pg (1.2.3)
    yard (0.9.35)

PLATFORMS
  ruby

DEPENDENCIES
  benchmark-memory
  pg
  yard

BUNDLED WITH
   2.1.4
